GEM
  remote: https://rubygems.org/
  specs:
    rack (1.4.1)
    sinatra (1.0)
      rack (>= 1.0)

PLATFORMS
  x86-mingw32

DEPENDENCIES
  sinatra (= 1.0)
